PATH
  remote: .
  specs:
    leeroy (0.1.0)
      paint (~> 0.8)
      rest-client (~> 1.7)
      terminal-table (~> 1.4)
      trollop (~> 2.0)

GEM
  remote: https://rubygems.org/
  specs:
    gem-release (0.7.3)
    mime-types (2.4.3)
    netrc (0.10.2)
    paint (0.9.0)
    rake (10.4.2)
    rest-client (1.7.3)
      mime-types (>= 1.16, < 3.0)
      netrc (~> 0.7)
    terminal-table (1.4.5)
    trollop (2.1.1)

PLATFORMS
  ruby

DEPENDENCIES
  bundler (~> 1.7)
  gem-release (~> 0.7)
  leeroy!
  rake (~> 10.0)
