PATH
  remote: .
  specs:
    leeroy (0.1.1)
      paint (~> 1.0)
      rest-client (~> 1.8)
      terminal-table (~> 1.4)
      trollop (~> 2.1)

GEM
  remote: https://rubygems.org/
  specs:
    domain_name (0.5.23)
      unf (>= 0.0.5, < 1.0.0)
    gem-release (0.7.3)
    http-cookie (1.0.2)
      domain_name (~> 0.5)
    mime-types (2.4.3)
    netrc (0.10.3)
    paint (1.0.0)
    rake (10.4.2)
    rest-client (1.8.0)
      http-cookie (>= 1.0.2, < 2.0)
      mime-types (>= 1.16, < 3.0)
      netrc (~> 0.7)
    terminal-table (1.4.5)
    trollop (2.1.2)
    unf (0.1.4)
      unf_ext
    unf_ext (0.0.6)

PLATFORMS
  ruby

DEPENDENCIES
  bundler (~> 1.7)
  gem-release (~> 0.7)
  leeroy!
  rake (~> 10.0)
